GEM
  remote: http://rubygems.org/
  specs:
    addressable (2.3.2)
    colorize (0.5.8)
    diff-lcs (1.1.3)
    drydock (0.6.9)
    launchy (2.1.2)
      addressable (~> 2.3)
    rspec (2.12.0)
      rspec-core (~> 2.12.0)
      rspec-expectations (~> 2.12.0)
      rspec-mocks (~> 2.12.0)
    rspec-core (2.12.2)
    rspec-expectations (2.12.1)
      diff-lcs (~> 1.1.3)
    rspec-mocks (2.12.1)
    storable (0.8.9)
    sysinfo (0.8.0)
      drydock
      storable

PLATFORMS
  ruby

DEPENDENCIES
  colorize
  launchy
  rspec
  sysinfo
